PATH
  remote: .
  specs:
    ynab_import (0.1.0)
      money (~> 6.11.0)
      money-open-exchange-rates
      puma (>= 4.3.9, < 5)
      sinatra (>= 2, < 4)

GEM
  remote: https://rubygems.org/
  specs:
    coderay (1.1.1)
    concurrent-ruby (1.1.9)
    i18n (1.0.1)
      concurrent-ruby (~> 1.0)
    method_source (0.8.2)
    minitest (5.10.2)
    money (6.11.3)
      i18n (>= 0.6.4, < 1.1)
    money-open-exchange-rates (1.2.2)
      money (~> 6.6)
    mustermann (3.0.0)
      ruby2_keywords (~> 0.0.1)
    nio4r (2.5.8)
    pry (0.10.4)
      coderay (~> 1.1.0)
      method_source (~> 0.8.1)
      slop (~> 3.4)
    puma (4.3.10)
      nio4r (~> 2.0)
    rack (2.2.4)
    rack-protection (3.0.4)
      rack
    rake (13.0.1)
    ruby2_keywords (0.0.5)
    sinatra (3.0.4)
      mustermann (~> 3.0)
      rack (~> 2.2, >= 2.2.4)
      rack-protection (= 3.0.4)
      tilt (~> 2.0)
    slop (3.6.0)
    terminal-table (1.8.0)
      unicode-display_width (~> 1.1, >= 1.1.1)
    tilt (2.0.11)
    unicode-display_width (1.6.0)

PLATFORMS
  ruby

DEPENDENCIES
  bundler (>= 2.2.34)
  minitest (~> 5.0)
  pry
  rake (>= 12.3.3)
  terminal-table (~> 1.6)
  ynab_import!

RUBY VERSION
   ruby 2.7.7p221

BUNDLED WITH
   2.4.20
